PATH
  remote: .
  specs:
    iron_worker (3.4.1)
      iron_core (>= 1.0.12, < 2)
      json (~> 1.8, > 1.8.1)
      rest (~> 3.0, >= 3.0.8)

GEM
  specs:
    iron_core (1.0.12)
      rest (>= 3.0.8)
    json (2.3.0)
    net-http-persistent (2.9.4)
    netrc (0.11.0)
    rest (3.0.8)
      net-http-persistent (>= 2.9.1, < 3)
      netrc

PLATFORMS
  ruby

DEPENDENCIES
  iron_worker!

BUNDLED WITH
   1.13.3
